PATH
  remote: .
  specs:
    raddocs (0.4.0)
      haml (~> 4.0, >= 4.0.4)
      json (~> 1.8, >= 1.8.1)
      sinatra (~> 1.3, >= 1.3.0)
      sinatra-contrib (~> 1.3, >= 1.3.0)

GEM
  remote: https://rubygems.org/
  specs:
    addressable (2.2.7)
    backports (3.3.5)
    capybara (1.1.2)
      mime-types (>= 1.16)
      nokogiri (>= 1.3.3)
      rack (>= 1.0.0)
      rack-test (>= 0.5.4)
      selenium-webdriver (~> 2.0)
      xpath (~> 0.1.4)
    childprocess (0.3.2)
      ffi (~> 1.0.6)
    diff-lcs (1.2.5)
    ffi (1.0.11)
    haml (4.0.5)
      tilt
    json (1.8.1)
    libwebsocket (0.1.3)
      addressable
    mime-types (1.18)
    multi_json (1.3.2)
    nokogiri (1.5.2)
    rack (1.4.1)
    rack-protection (1.5.2)
      rack
    rack-test (0.6.1)
      rack (>= 1.0)
    rake (0.9.2.2)
    rspec (2.14.1)
      rspec-core (~> 2.14.0)
      rspec-expectations (~> 2.14.0)
      rspec-mocks (~> 2.14.0)
    rspec-core (2.14.7)
    rspec-expectations (2.14.5)
      diff-lcs (>= 1.1.3, < 2.0)
    rspec-mocks (2.14.6)
    rubyzip (0.9.7)
    selenium-webdriver (2.21.2)
      childprocess (>= 0.2.5)
      ffi (~> 1.0)
      libwebsocket (~> 0.1.3)
      multi_json (~> 1.0)
      rubyzip
    sinatra (1.4.4)
      rack (~> 1.4)
      rack-protection (~> 1.4)
      tilt (~> 1.3, >= 1.3.4)
    sinatra-contrib (1.4.2)
      backports (>= 2.0)
      multi_json
      rack-protection
      rack-test
      sinatra (~> 1.4.0)
      tilt (~> 1.3)
    tilt (1.4.1)
    xpath (0.1.4)
      nokogiri (~> 1.3)

PLATFORMS
  ruby

DEPENDENCIES
  capybara (~> 1.1, >= 1.1.2)
  rack-test (~> 0.6, >= 0.6.1)
  raddocs!
  rake (~> 0.9, >= 0.9.2.2)
  rspec (~> 2.9, >= 2.9.0)
